PATH
  remote: .
  specs:
    yaml-parser (1.1)

GEM
  remote: https://rubygems.org/
  specs:
    rake (0.9.2.2)

PLATFORMS
  ruby

DEPENDENCIES
  rake
  yaml-parser!
